GEM
  remote: https://rubygems.org/
  specs:
    actionview (5.0.2)
      activesupport (= 5.0.2)
      builder (~> 3.1)
      erubis (~> 2.7.0)
      rails-dom-testing (~> 2.0)
      rails-html-sanitizer (~> 1.0, >= 1.0.3)
    activesupport (5.0.2)
      concurrent-ruby (~> 1.0, >= 1.0.2)
      i18n (~> 0.7)
      minitest (~> 5.1)
      tzinfo (~> 1.1)
    backports (3.7.0)
    builder (3.2.3)
    concurrent-ruby (1.0.5)
    domain_name (0.5.20170404)
      unf (>= 0.0.5, < 1.0.0)
    erubis (2.7.0)
    faraday (0.12.0.1)
      multipart-post (>= 1.2, < 3)
    faraday-cookie_jar (0.0.6)
      faraday (>= 0.7.4)
      http-cookie (~> 1.0.0)
    foreman (0.84.0)
      thor (~> 0.19.1)
    goodbye_chatwork (0.0.6)
      faraday
      faraday-cookie_jar
    http-cookie (1.0.3)
      domain_name (~> 0.5)
    i18n (0.8.1)
    kgio (2.11.0)
    loofah (2.0.3)
      nokogiri (>= 1.5.9)
    mini_portile2 (2.1.0)
    minitest (5.10.1)
    multi_json (1.12.1)
    multipart-post (2.0.0)
    mustermann (1.0.0)
    nokogiri (1.7.1)
      mini_portile2 (~> 2.1.0)
    rack (2.0.1)
    rack-protection (2.0.0.rc2)
      rack
    rails-dom-testing (2.0.2)
      activesupport (>= 4.2.0, < 6.0)
      nokogiri (~> 1.6)
    rails-html-sanitizer (1.0.3)
      loofah (~> 2.0)
    raindrops (0.18.0)
    rubyzip (1.2.1)
    sinatra (2.0.0.rc2)
      mustermann (= 1.0.0)
      rack (~> 2.0)
      rack-protection (= 2.0.0.rc2)
      tilt (~> 2.0)
    sinatra-contrib (2.0.0.rc2)
      backports (>= 2.0)
      multi_json
      mustermann (= 1.0.0)
      rack-protection (= 2.0.0.rc2)
      sinatra (= 2.0.0.rc2)
      tilt (>= 1.3, < 3)
    thor (0.19.4)
    thread_safe (0.3.6)
    tilt (2.0.7)
    tzinfo (1.2.3)
      thread_safe (~> 0.1)
    unf (0.1.4)
      unf_ext
    unf_ext (0.0.7.4)
    unicorn (5.3.0)
      kgio (~> 2.6)
      raindrops (~> 0.7)

PLATFORMS
  ruby

DEPENDENCIES
  actionview (= 5.0.2)
  foreman (= 0.84.0)
  goodbye_chatwork (= 0.0.6)
  rubyzip (= 1.2.1)
  sinatra (= 2.0.0.rc2)
  sinatra-contrib (= 2.0.0.rc2)
  unicorn (= 5.3.0)

RUBY VERSION
   ruby 2.4.1p111

BUNDLED WITH
   1.14.6
